GEM
  remote: https://rubygems.org/
  specs:
    cpf_cnpj (1.0.1)
    os (1.1.4)

PLATFORMS
  ruby
  x86_64-linux

DEPENDENCIES
  cpf_cnpj (~> 1.0, >= 1.0.1)
  os

BUNDLED WITH
   2.6.8
